GEM
  remote: https://rubygems.org/
  specs:
    parallel (1.6.1)
    power_assert (0.2.4)
    test-unit (3.1.3)
      power_assert

PLATFORMS
  ruby

DEPENDENCIES
  parallel (= 1.6.1)
  test-unit (= 3.1.3)
